GEM
  remote: https://rubygems.org/
  specs:
    chunky_png (1.3.0)
    compass (0.12.3)
      chunky_png (~> 1.2)
      fssm (>= 0.2.7)
      sass (= 3.2.14)
    ffi (1.9.3)
    fssm (0.2.10)
    listen (1.3.1)
      rb-fsevent (>= 0.9.3)
      rb-inotify (>= 0.9)
      rb-kqueue (>= 0.2)
    puma (2.10.2)
      rack (>= 1.1, < 2.0)
    rack (1.6.4)
    rb-fsevent (0.9.4)
    rb-inotify (0.9.3)
      ffi (>= 0.5.0)
    rb-kqueue (0.2.2)
      ffi (>= 0.5.0)
    sass (3.2.14)
    susy (1.0.9)
      compass (>= 0.12.2)
      sass (>= 3.2.0)

PLATFORMS
  ruby

DEPENDENCIES
  compass (~> 0.12.3)
  listen (~> 1.3)
  puma
  susy (~> 1.0.9)
